GEM
  remote: https://rubygems.org/
  specs:
    builder (3.2.4)
    cucumber (8.0.0)
      builder (>= 3.2.4, >= 3.2)
      cucumber-ci-environment (>= 9.0.4, >= 9.0)
      cucumber-core (>= 11.0.0, >= 11.0)
      cucumber-cucumber-expressions (>= 15.1.1, >= 15.1)
      cucumber-gherkin (>= 23.0.1, >= 23.0)
      cucumber-html-formatter (>= 19.1.0, >= 19.1)
      cucumber-messages (>= 18.0.0, >= 18.0)
      diff-lcs (>= 1.5.0, >= 1.5)
      mime-types (>= 3.4.1, >= 3.4)
      multi_test (>= 1.1.0, >= 1.1)
      sys-uname (>= 1.2.2, >= 1.2)
    cucumber-ci-environment (9.1.0)
    cucumber-core (11.1.0)
      cucumber-gherkin (>= 24, < 27)
      cucumber-messages (>= 19, < 22)
      cucumber-tag-expressions (>= 4.1.0, >= 4.1)
    cucumber-cucumber-expressions (16.1.2)
    cucumber-gherkin (26.0.3)
      cucumber-messages (>= 19.1.4)
    cucumber-html-formatter (20.2.1)
      cucumber-messages (>= 18.0.0, >= 18.0)
    cucumber-messages (21.0.1)
    cucumber-tag-expressions (5.0.1)
    diff-lcs (1.5.0)
    ffi (1.15.5)
    mime-types (3.4.1)
      mime-types-data (~> 3.2015)
    mime-types-data (3.2023.0218.1)
    multi_test (1.1.0)
    sys-uname (1.2.2)
      ffi (>= 1.1)
    webrick (1.8.1)
    yard (0.9.28)
      webrick (>= 1.7.0)

PLATFORMS
  x86_64-linux

DEPENDENCIES
  cucumber
  yard

BUNDLED WITH
   2.4.8
